GEM
  remote: http://rubygems.org/
  specs:
    ceedling (0.13.0)
      rake (>= 0.8.7)
      thor (>= 0.14.5)
    json (1.8.1)
    rake (10.1.1)
    thor (0.18.1)
    watson-ruby (1.6.1)
      json

PLATFORMS
  ruby

DEPENDENCIES
  ceedling
  watson-ruby
